GEM
  remote: https://rubygems.org/
  specs:
    dotenv (0.11.1)
      dotenv-deployment (~> 0.0.2)
    dotenv-deployment (0.0.2)
    mysql2 (0.3.16)
    pg (0.17.1)
    sequel (4.10.0)

PLATFORMS
  ruby

DEPENDENCIES
  dotenv
  mysql2
  pg
  sequel
