GEM
  remote: https://rubygems.org/
  specs:
    coderay (1.1.0)
    dotenv (0.11.1)
      dotenv-deployment (~> 0.0.2)
    dotenv-deployment (0.0.2)
    method_source (0.8.2)
    mysql2 (0.3.16)
    pg (0.17.1)
    pry (0.9.12.6)
      coderay (~> 1.0)
      method_source (~> 0.8)
      slop (~> 3.4)
    ruby-progressbar (1.5.1)
    sequel (4.10.0)
    slop (3.5.0)

PLATFORMS
  ruby

DEPENDENCIES
  dotenv
  mysql2
  pg
  pry
  ruby-progressbar
  sequel
